GEM
  remote: https://rubygems.org/
  specs:
    addressable (2.8.7)
      public_suffix (>= 2.0.2, < 7.0)
    asciidoctor (1.5.8)
    base64 (0.2.0)
    coderay (1.1.1)
    colorator (1.1.0)
    concurrent-ruby (1.2.2)
    csv (3.3.3)
    em-websocket (0.5.3)
      eventmachine (>= 0.12.9)
      http_parser.rb (~> 0)
    eventmachine (1.2.7)
    eventmachine (1.2.7-x64-mingw32)
    faraday (2.8.1)
      base64
      faraday-net_http (>= 2.0, < 3.1)
      ruby2_keywords (>= 0.0.4)
    faraday-net_http (3.0.2)
    ffi (1.17.1)
    forwardable-extended (2.6.0)
    google-protobuf (3.25.6-arm64-darwin)
    google-protobuf (3.25.6-x64-mingw32)
    google-protobuf (3.25.6-x86_64-linux)
    http_parser.rb (0.8.0)
    i18n (1.14.7)
      concurrent-ruby (~> 1.0)
    jekyll (4.4.1)
      addressable (~> 2.4)
      base64 (~> 0.2)
      colorator (~> 1.0)
      csv (~> 3.0)
      em-websocket (~> 0.5)
      i18n (~> 1.0)
      jekyll-sass-converter (>= 2.0, < 4.0)
      jekyll-watch (~> 2.0)
      json (~> 2.6)
      kramdown (~> 2.3, >= 2.3.1)
      kramdown-parser-gfm (~> 1.0)
      liquid (~> 4.0)
      mercenary (~> 0.3, >= 0.3.6)
      pathutil (~> 0.9)
      rouge (>= 3.0, < 5.0)
      safe_yaml (~> 1.0)
      terminal-table (>= 1.8, < 4.0)
      webrick (~> 1.7)
    jekyll-asciidoc (3.0.1)
      asciidoctor (>= 1.5.0, < 3.0.0)
      jekyll (>= 3.0.0)
    jekyll-gist (1.5.0)
      octokit (~> 4.2)
    jekyll-paginate (1.1.0)
    jekyll-sass-converter (3.0.0)
      sass-embedded (~> 1.54)
    jekyll-watch (2.2.1)
      listen (~> 3.0)
    json (2.10.2)
    kramdown (2.4.0)
      rexml
    kramdown-parser-gfm (1.1.0)
      kramdown (~> 2.0)
    liquid (4.0.4)
    listen (3.9.0)
      rb-fsevent (~> 0.10, >= 0.10.3)
      rb-inotify (~> 0.9, >= 0.9.10)
    mercenary (0.4.0)
    octokit (4.25.1)
      faraday (>= 1, < 3)
      sawyer (~> 0.9)
    pathutil (0.16.2)
      forwardable-extended (~> 2.6)
    public_suffix (5.0.3)
    rake (13.2.1)
    rb-fsevent (0.11.2)
    rb-inotify (0.11.1)
      ffi (~> 1.0)
    rexml (3.3.3)
      strscan
    rouge (4.5.1)
    ruby2_keywords (0.0.5)
    safe_yaml (1.0.5)
    sass-embedded (1.63.6)
      google-protobuf (~> 3.23)
      rake (>= 13.0.0)
    sawyer (0.9.2)
      addressable (>= 2.3.5)
      faraday (>= 0.17.3, < 3)
    strscan (3.1.0)
    terminal-table (3.0.2)
      unicode-display_width (>= 1.1.1, < 3)
    unicode-display_width (2.4.2)
    webrick (1.9.1)

PLATFORMS
  arm64-darwin-22
  x64-mingw32
  x86_64-linux

DEPENDENCIES
  asciidoctor (~> 1.5.4)
  coderay (= 1.1.1)
  jekyll
  jekyll-asciidoc
  jekyll-gist
  jekyll-paginate

BUNDLED WITH
   2.3.26
